PATH
  remote: .
  specs:
    cinch-etoke (0.1.0)
      cinch (~> 2.3.4)

GEM
  remote: https://rubygems.org/
  specs:
    cinch (2.3.4)
    diff-lcs (1.3)
    rake (10.5.0)
    rspec (3.7.0)
      rspec-core (~> 3.7.0)
      rspec-expectations (~> 3.7.0)
      rspec-mocks (~> 3.7.0)
    rspec-core (3.7.1)
      rspec-support (~> 3.7.0)
    rspec-expectations (3.7.0)
      diff-lcs (>= 1.2.0, < 2.0)
      rspec-support (~> 3.7.0)
    rspec-mocks (3.7.0)
      diff-lcs (>= 1.2.0, < 2.0)
      rspec-support (~> 3.7.0)
    rspec-support (3.7.1)

PLATFORMS
  ruby

DEPENDENCIES
  bundler (~> 1.16)
  cinch-etoke!
  rake (~> 10.0)
  rspec (~> 3.7)

BUNDLED WITH
   1.16.1
